PATH
  remote: .
  specs:
    pier_logging (0.4.0)
      amazing_print
      facets
      ougai (>= 2.0.0)
      rails

GEM
  remote: https://rubygems.org/
  specs:
    actionmailer (0.6.1)
      actionpack (>= 0.9.5)
    actionpack (1.4.0)
    activemodel (7.0.4.3)
      activesupport (= 7.0.4.3)
    activerecord (7.0.4.3)
      activemodel (= 7.0.4.3)
      activesupport (= 7.0.4.3)
    activesupport (7.0.4.3)
      concurrent-ruby (~> 1.0, >= 1.0.2)
      i18n (>= 1.6, < 2)
      minitest (>= 5.1)
      tzinfo (~> 2.0)
    amazing_print (1.3.0)
    byebug (11.1.3)
    concurrent-ruby (1.2.2)
    facets (3.1.0)
    i18n (1.12.0)
      concurrent-ruby (~> 1.0)
    minitest (5.14.4)
    mocha (1.12.0)
    oj (3.11.5)
    ougai (2.0.0)
      oj (~> 3.10)
    rails (0.9.5)
      actionmailer (>= 0.6.1)
      actionpack (>= 1.4.0)
      activerecord (>= 1.6.0)
      rake (>= 0.4.15)
    rake (13.0.3)
    shoulda (4.0.0.rc2)
      shoulda-context (= 2.0.0.rc4)
      shoulda-matchers (~> 4.0)
    shoulda-context (2.0.0.rc4)
    shoulda-matchers (4.5.1)
      activesupport (>= 4.2.0)
    tzinfo (2.0.6)
      concurrent-ruby (~> 1.0)

PLATFORMS
  ruby

DEPENDENCIES
  bundler (>= 2.1.4)
  byebug (>= 11.1.3)
  minitest (>= 5.8.4)
  mocha
  pier_logging!
  rake (>= 12.3.3)
  shoulda (= 4.0.0.rc2)

BUNDLED WITH
   2.1.4
